PATH
  remote: .
  specs:
    excesselt (1.1.6)
      builder (> 2)
      excesselt
      nokogiri (~> 1)

GEM
  remote: http://rubygems.org/
  specs:
    activesupport (3.0.9)
    builder (3.0.0)
    columnize (0.3.3)
    diff-lcs (1.1.2)
    git (1.2.5)
    i18n (0.6.0)
    jeweler (1.6.2)
      bundler (~> 1.0)
      git (>= 1.2.5)
      rake
    json (1.6.1)
    linecache (0.46)
      rbx-require-relative (> 0.0.4)
    nokogiri (1.5.0)
    rake (0.9.2)
    rbx-require-relative (0.0.5)
    rcov (0.9.9)
    rspec (2.6.0)
      rspec-core (~> 2.6.0)
      rspec-expectations (~> 2.6.0)
      rspec-mocks (~> 2.6.0)
    rspec-core (2.6.4)
    rspec-expectations (2.6.0)
      diff-lcs (~> 1.1.2)
    rspec-mocks (2.6.0)
    ruby-debug (0.10.4)
      columnize (>= 0.1)
      ruby-debug-base (~> 0.10.4.0)
    ruby-debug-base (0.10.4)
      linecache (>= 0.3)

PLATFORMS
  ruby

DEPENDENCIES
  activesupport
  excesselt!
  i18n
  jeweler
  json
  rake
  rcov
  rspec (> 2.0.0)
  ruby-debug
