PATH
  remote: .
  specs:
    excesselt (1.1.0)
      builder (= 2.1.2)
      excesselt
      nokogiri (= 1.4.3.1)

GEM
  remote: http://rubygems.org/
  specs:
    activesupport (3.0.4)
    builder (2.1.2)
    columnize (0.3.2)
    diff-lcs (1.1.2)
    git (1.2.5)
    i18n (0.5.0)
    jeweler (1.5.2)
      bundler (~> 1.0.0)
      git (>= 1.2.5)
      rake
    linecache (0.43)
    nokogiri (1.4.3.1)
    rake (0.8.7)
    rcov (0.9.9)
    rspec (2.5.0)
      rspec-core (~> 2.5.0)
      rspec-expectations (~> 2.5.0)
      rspec-mocks (~> 2.5.0)
    rspec-core (2.5.1)
    rspec-expectations (2.5.0)
      diff-lcs (~> 1.1.2)
    rspec-mocks (2.5.0)
    ruby-debug (0.10.4)
      columnize (>= 0.1)
      ruby-debug-base (~> 0.10.4.0)
    ruby-debug-base (0.10.4)
      linecache (>= 0.3)

PLATFORMS
  ruby

DEPENDENCIES
  activesupport
  excesselt!
  i18n
  jeweler
  rake
  rcov
  rspec (> 2.0.0)
  ruby-debug
