PATH
  remote: .
  specs:
    excesselt (0.0.1)
      activesupport
      builder (= 2.1.2)
      nokogiri (= 1.4.3.1)

GEM
  remote: http://rubygems.org/
  specs:
    activesupport (3.0.1)
    builder (2.1.2)
    columnize (0.3.1)
    diff-lcs (1.1.2)
    linecache (0.43)
    nokogiri (1.4.3.1)
    rake (0.8.7)
    rcov (0.9.9)
    rspec (2.0.1)
      rspec-core (~> 2.0.1)
      rspec-expectations (~> 2.0.1)
      rspec-mocks (~> 2.0.1)
    rspec-core (2.0.1)
    rspec-expectations (2.0.1)
      diff-lcs (>= 1.1.2)
    rspec-mocks (2.0.1)
      rspec-core (~> 2.0.1)
      rspec-expectations (~> 2.0.1)
    ruby-debug (0.10.3)
      columnize (>= 0.1)
      ruby-debug-base (~> 0.10.3.0)
    ruby-debug-base (0.10.3)
      linecache (>= 0.3)

PLATFORMS
  ruby

DEPENDENCIES
  activesupport
  builder (= 2.1.2)
  excesselt!
  nokogiri (= 1.4.3.1)
  rake
  rcov
  rspec (> 2.0.0)
  ruby-debug
